GEM
  remote: https://rubygems.org/
  specs:
    puma (3.8.2)
    rack (1.6.5)
    rack-protection (1.5.3)
      rack
    sinatra (1.4.8)
      rack (~> 1.5)
      rack-protection (~> 1.4)
      tilt (>= 1.3, < 3)
    tilt (2.0.7)

PLATFORMS
  ruby
  x86-mingw32

DEPENDENCIES
  puma
  sinatra

BUNDLED WITH
   1.16.1
